GEM
  remote: http://rubygems.org/
  remote: http://gems.github.com/
  specs:
    activemodel (3.2.12)
      activesupport (= 3.2.12)
      builder (~> 3.0.0)
    activesupport (3.2.12)
      i18n (~> 0.6)
      multi_json (~> 1.0)
    binding_of_caller (0.7.1)
      debug_inspector (>= 0.0.1)
    bson (1.7.1)
    bson_ext (1.7.0)
      bson (~> 1.7.0)
    builder (3.0.4)
    coderay (1.0.9)
    debug_inspector (0.0.2)
    i18n (0.6.4)
    method_source (0.8.1)
    mongo (1.7.0)
      bson (~> 1.7.0)
    mongoid (3.1.3)
      activemodel (~> 3.2)
      moped (~> 1.4.2)
      origin (~> 1.0)
      tzinfo (~> 0.3.22)
    moped (1.4.5)
    multi_json (1.7.3)
    origin (1.1.0)
    pry (0.9.12)
      coderay (~> 1.0.5)
      method_source (~> 0.8)
      slop (~> 3.4)
    pry-stack_explorer (0.4.9)
      binding_of_caller (>= 0.7)
      pry (~> 0.9.11)
    slop (3.4.4)
    tzinfo (0.3.37)

PLATFORMS
  ruby

DEPENDENCIES
  bson_ext (= 1.7.0)
  mongo (= 1.7.0)
  mongoid
  pry
  pry-stack_explorer
